PATH
  remote: .
  specs:
    groupon (0.1.0)
      bundler (~> 2.0)
      nokogiri
      open-uri
      pry
      rake

GEM
  remote: https://rubygems.org/
  specs:
    ast (2.4.2)
    coderay (1.1.3)
    date (3.2.0)
    method_source (1.0.0)
    nokogiri (1.12.5-x86_64-darwin)
      racc (~> 1.4)
    open-uri (0.2.0)
      stringio
      time
      uri
    parallel (1.21.0)
    parser (3.0.2.0)
      ast (~> 2.4.1)
    pry (0.14.1)
      coderay (~> 1.1)
      method_source (~> 1.0)
    racc (1.6.0)
    rainbow (3.0.0)
    rake (13.0.6)
    regexp_parser (2.1.1)
    rexml (3.2.5)
    rubocop (1.22.3)
      parallel (~> 1.10)
      parser (>= 3.0.0.0)
      rainbow (>= 2.2.2, < 4.0)
      regexp_parser (>= 1.8, < 3.0)
      rexml
      rubocop-ast (>= 1.12.0, < 2.0)
      ruby-progressbar (~> 1.7)
      unicode-display_width (>= 1.4.0, < 3.0)
    rubocop-ast (1.13.0)
      parser (>= 3.0.1.1)
    ruby-progressbar (1.11.0)
    stringio (3.0.1)
    time (0.2.0)
      date
    unicode-display_width (2.1.0)
    uri (0.11.0)

PLATFORMS
  x86_64-darwin-19

DEPENDENCIES
  groupon!
  rake (~> 13.0)
  rubocop (~> 1.7)

BUNDLED WITH
   2.2.24
